GEM
  remote: http://rubygems.org/
  specs:
    RedCloth (4.2.9)
    addressable (2.2.8)
    builder (3.0.0)
    coffee-script (2.2.0)
      coffee-script-source
      execjs
    coffee-script-source (1.3.3)
    commonjs (0.2.6)
    data_objects (0.10.8)
      addressable (~> 2.1)
    dm-core (1.2.0)
      addressable (~> 2.2.6)
    dm-do-adapter (1.2.0)
      data_objects (~> 0.10.6)
      dm-core (~> 1.2.0)
    dm-migrations (1.2.0)
      dm-core (~> 1.2.0)
    dm-postgres-adapter (1.2.0)
      dm-do-adapter (~> 1.2.0)
      do_postgres (~> 0.10.6)
    dm-sqlite-adapter (1.2.0)
      dm-do-adapter (~> 1.2.0)
      do_sqlite3 (~> 0.10.6)
    do_postgres (0.10.8)
      data_objects (= 0.10.8)
    do_sqlite3 (0.10.8)
      data_objects (= 0.10.8)
    execjs (1.4.0)
      multi_json (~> 1.0)
    haml (3.1.7)
    less (2.2.1)
      commonjs (~> 0.2.6)
    libv8 (3.3.10.4)
    liquid (2.4.1)
    markaby (0.7.2)
      builder (>= 2.0.0)
    multi_json (1.3.6)
    pg (0.14.0)
    rack (1.4.1)
    rack-protection (1.2.0)
      rack
    redcarpet (2.1.1)
    sass (3.2.1)
    sinatra (1.3.2)
      rack (~> 1.3, >= 1.3.6)
      rack-protection (~> 1.2)
      tilt (~> 1.3, >= 1.3.3)
    slim (1.2.2)
      temple (~> 0.4.0)
      tilt (~> 1.3.3)
    temple (0.4.0)
    therubyracer (0.10.2)
      libv8 (~> 3.3.10)
    tilt (1.3.3)

PLATFORMS
  ruby

DEPENDENCIES
  RedCloth
  coffee-script
  dm-core
  dm-migrations
  dm-postgres-adapter
  dm-sqlite-adapter
  haml
  less
  liquid
  markaby
  pg
  redcarpet
  sass
  sinatra
  slim
  therubyracer
